RESTRICTION: == netcoreapp3.0
NUGET
  remote: https://api.nuget.org/v3/index.json
    Argu (5.5)
      FSharp.Core (>= 4.3.2)
      System.Configuration.ConfigurationManager (>= 4.4)
    FSharp.Core (4.7)
    FSharp.Data (3.3.2)
      FSharp.Core (>= 4.3.4)
    Microsoft.NETCore.Platforms (3.0)
    Microsoft.Win32.SystemEvents (4.6)
      Microsoft.NETCore.Platforms (>= 3.0)
    System.Configuration.ConfigurationManager (4.6)
      System.Security.Cryptography.ProtectedData (>= 4.6)
      System.Security.Permissions (>= 4.6)
    System.Drawing.Common (4.6)
      Microsoft.NETCore.Platforms (>= 3.0)
      Microsoft.Win32.SystemEvents (>= 4.6)
    System.Security.AccessControl (4.6)
      Microsoft.NETCore.Platforms (>= 3.0)
      System.Security.Principal.Windows (>= 4.6)
    System.Security.Cryptography.ProtectedData (4.6)
    System.Security.Permissions (4.6)
      System.Security.AccessControl (>= 4.6)
      System.Windows.Extensions (>= 4.6)
    System.Security.Principal.Windows (4.6)
    System.Windows.Extensions (4.6)
      System.Drawing.Common (>= 4.6)
